GIT
  remote: git@github.com:petems/capistrano-ext-puppetize-petems.git
  revision: 559e19d9f0fefb19cb7effcb14fb7a6c965b3b74
  specs:
    capistrano-ext-puppetize-petems (0.4.2)
      capistrano (>= 2.0.0)
      capistrano-ext

GEM
  remote: https://rubygems.org/
  specs:
    capistrano (2.14.2)
      highline
      net-scp (>= 1.0.0)
      net-sftp (>= 2.0.0)
      net-ssh (>= 2.0.14)
      net-ssh-gateway (>= 1.1.0)
    capistrano-ext (1.2.1)
      capistrano (>= 1.0.0)
    diff-lcs (1.2.4)
    highline (1.6.16)
    net-scp (1.1.0)
      net-ssh (>= 2.6.5)
    net-sftp (2.1.1)
      net-ssh (>= 2.6.5)
    net-ssh (2.6.7)
    net-ssh-gateway (1.2.0)
      net-ssh (>= 2.6.5)
    rspec (2.13.0)
      rspec-core (~> 2.13.0)
      rspec-expectations (~> 2.13.0)
      rspec-mocks (~> 2.13.0)
    rspec-core (2.13.1)
    rspec-expectations (2.13.0)
      diff-lcs (>= 1.1.3, < 2.0)
    rspec-mocks (2.13.1)
    rspec-puppet (0.1.6)
      rspec
    serverspec (0.2.9)
      net-ssh
      rspec

PLATFORMS
  ruby

DEPENDENCIES
  capistrano
  capistrano-ext-puppetize-petems!
  rspec
  rspec-puppet
  serverspec
