GIT
  remote: git@github.com:petems/capistrano-ext-puppetize-petems.git
  revision: 63cf913266237c3cd62fcb3b215c42a88e0702ec
  specs:
    capistrano-ext-puppetize-petems (0.4.2)
      capistrano (>= 2.0.0)
      capistrano-ext

GEM
  remote: https://rubygems.org/
  specs:
    capistrano (2.15.5)
      highline
      net-scp (>= 1.0.0)
      net-sftp (>= 2.0.0)
      net-ssh (>= 2.0.14)
      net-ssh-gateway (>= 1.1.0)
    capistrano-ext (1.2.1)
      capistrano (>= 1.0.0)
    diff-lcs (1.2.4)
    highline (1.6.19)
    net-scp (1.1.2)
      net-ssh (>= 2.6.5)
    net-sftp (2.1.2)
      net-ssh (>= 2.6.5)
    net-ssh (2.6.8)
    net-ssh-gateway (1.2.0)
      net-ssh (>= 2.6.5)
    rspec (2.14.1)
      rspec-core (~> 2.14.0)
      rspec-expectations (~> 2.14.0)
      rspec-mocks (~> 2.14.0)
    rspec-core (2.14.5)
    rspec-expectations (2.14.2)
      diff-lcs (>= 1.1.3, < 2.0)
    rspec-mocks (2.14.3)
    rspec-puppet (0.1.6)
      rspec
    serverspec (0.7.10)
      highline
      net-ssh
      rspec (>= 2.13.0)

PLATFORMS
  ruby

DEPENDENCIES
  capistrano
  capistrano-ext-puppetize-petems!
  rspec
  rspec-puppet
  serverspec
